PATH
  remote: .
  specs:
    testfu (1.0.0)
      minitest (>= 3.0)

GEM
  remote: https://rubygems.org/
  specs:
    appraisal (2.2.0)
      bundler
      rake
      thor (>= 0.14.0)
    minitest (5.11.3)
    rake (12.3.2)
    thor (0.20.3)

PLATFORMS
  ruby

DEPENDENCIES
  appraisal
  rake (~> 12.3)
  testfu!

BUNDLED WITH
   1.17.3
